PATH
  remote: .
  specs:
    html-rails (0.0.1)
      execjs
      sprockets
      tilt

GEM
  remote: https://rubygems.org/
  specs:
    execjs (1.4.0)
      multi_json (~> 1.0)
    hike (1.2.3)
    multi_json (1.7.7)
    rack (1.5.2)
    rake (10.1.0)
    sprockets (2.10.0)
      hike (~> 1.2)
      multi_json (~> 1.0)
      rack (~> 1.0)
      tilt (~> 1.1, != 1.3.0)
    tilt (1.4.1)

PLATFORMS
  ruby

DEPENDENCIES
  bundler (~> 1.3)
  html-rails!
  rake
